PATH
  remote: .
  specs:
    city-ordinance-cli (0.1.0)

GEM
  remote: https://rubygems.org/
  specs:
    rake (10.5.0)

PLATFORMS
  ruby

DEPENDENCIES
  bundler (~> 2.0)
  city-ordinance-cli!
  rake (~> 10.0)

BUNDLED WITH
   2.0.1
